GEM
  remote: https://rubygems.org/
  specs:
    coderay (1.1.2)
    ffi (1.15.0)
    file_discard (0.1.6)
    listen (3.1.5)
      rb-fsevent (~> 0.9, >= 0.9.4)
      rb-inotify (~> 0.9, >= 0.9.7)
      ruby_dep (~> 1.2)
    method_source (0.9.0)
    null-logger (0.1.5)
    pry (0.11.3)
      coderay (~> 1.1.0)
      method_source (~> 0.9.0)
    rb-fsevent (0.10.3)
    rb-inotify (0.9.10)
      ffi (>= 0.5.0, < 2)
    ruby_dep (1.5.0)
    terminal-notifier (2.0.0)

PLATFORMS
  ruby

DEPENDENCIES
  file_discard
  listen
  null-logger
  pry
  terminal-notifier

BUNDLED WITH
   1.15.4
